PATH
  remote: .
  specs:
    prism (1.6.0)

GEM
  remote: https://rubygems.org/
  specs:
    ast (2.4.3)
    benchmark-ips (2.14.0)
    date (3.4.1)
    erb (5.1.1)
    ffi (1.17.2)
    fiddle (1.1.8)
    mini_portile2 (2.8.9)
    nokogiri (1.18.10)
      mini_portile2 (~> 2.8.2)
      racc (~> 1.4)
    onigmo (0.1.0)
    parser (3.3.9.0)
      ast (~> 2.4.1)
      racc
    power_assert (2.0.5)
    psych (5.2.6)
      date
      stringio
    racc (1.8.1)
    rake (13.3.0)
    rake-compiler (1.3.0)
      rake
    rdoc (6.15.0)
      erb
      psych (>= 4.0.0)
      tsort
    ruby_memcheck (3.0.1)
      nokogiri
    ruby_parser (3.21.1)
      racc (~> 1.5)
      sexp_processor (~> 4.16)
    sexp_processor (4.17.4)
    stringio (3.1.7)
    test-unit (3.7.0)
      power_assert
    tsort (0.2.0)

PLATFORMS
  ruby

DEPENDENCIES
  benchmark-ips
  ffi
  fiddle
  onigmo
  parser
  prism!
  rake
  rake-compiler
  rdoc
  ruby_memcheck
  ruby_parser
  test-unit

BUNDLED WITH
   2.5.16
