PATH
  remote: ../..
  specs:
    prism (1.5.1)

GEM
  remote: https://rubygems.org/
  specs:
    ast (2.4.3)
    logger (1.7.0)
    mini_portile2 (2.8.9)
    nokogiri (1.18.9)
      mini_portile2 (~> 2.8.2)
      racc (~> 1.4)
    onigmo (0.1.0)
    parser (3.3.9.0)
      ast (~> 2.4.1)
      racc
    power_assert (2.0.5)
    racc (1.8.1)
    rake (13.3.0)
    rake-compiler (1.3.0)
      rake
    rbs (3.9.5)
      logger
    ruby_memcheck (3.0.1)
      nokogiri
    test-unit (3.7.0)
      power_assert

PLATFORMS
  ruby

DEPENDENCIES
  onigmo
  parser
  prism!
  rake
  rake-compiler
  rbs
  ruby_memcheck
  test-unit

RUBY VERSION
   ruby 3.1.4p223

BUNDLED WITH
   2.3.27
